PATH
  remote: .
  specs:
    seasons-challenge (0.0.1)

GEM
  remote: https://rubygems.org/
  specs:
    rake (0.9.2.2)

PLATFORMS
  x86-mingw32

DEPENDENCIES
  bundler (~> 1.3)
  rake
  seasons-challenge!
